PATH
  remote: .
  specs:
    aina (0.2.2)
      gli (= 2.8.1)

GEM
  remote: https://rubygems.org/
  specs:
    aruba (0.5.3)
      childprocess (>= 0.3.6)
      cucumber (>= 1.1.1)
      rspec-expectations (>= 2.7.0)
    builder (3.2.2)
    childprocess (0.3.9)
      ffi (~> 1.0, >= 1.0.11)
    cucumber (1.3.8)
      builder (>= 2.1.2)
      diff-lcs (>= 1.1.3)
      gherkin (~> 2.12.1)
      multi_json (>= 1.7.5, < 2.0)
      multi_test (>= 0.0.2)
    diff-lcs (1.2.4)
    ffi (1.9.0)
    gherkin (2.12.2)
      multi_json (~> 1.3)
    gli (2.8.1)
    multi_json (1.8.2)
    multi_test (0.0.2)
    rake (10.1.0)
    rdoc (4.0.0)
    rspec-expectations (2.14.3)
      diff-lcs (>= 1.1.3, < 2.0)

PLATFORMS
  ruby

DEPENDENCIES
  aina!
  aruba
  rake
  rdoc
